REDIRECTS: ON
FRAMEWORK: >= NET35
NUGET
  remote: https://www.nuget.org/api/v2
    FSharp.Core (4.0.0.1)
    Newtonsoft.Json (10.0.2)
GITHUB
  remote: eiriktsarpalis/TypeShape
    src/TypeShape/ISerializableExtensions.fs (e27b1e7cbff320103ce909b0d035bf509f6fb947)
    src/TypeShape/TypeShape.fs (e27b1e7cbff320103ce909b0d035bf509f6fb947)
GROUP Build
REDIRECTS: ON
FRAMEWORK: >= NET35
NUGET
  remote: https://www.nuget.org/api/v2
    FAKE (4.61.3)
    Microsoft.Bcl (1.1.10) - framework: net35, net40, net40-full
      Microsoft.Bcl.Build (>= 1.0.14)
    Microsoft.Bcl.Build (1.0.21) - import_targets: false
    Microsoft.Net.Http (2.2.29) - framework: net35, net40, net40-full
      Microsoft.Bcl (>= 1.1.10)
      Microsoft.Bcl.Build (>= 1.0.14)
    Octokit (0.24)
      Microsoft.Net.Http  - framework: net35, net40, net40-full
GITHUB
  remote: fsharp/FAKE
    modules/Octokit/Octokit.fsx (ad65548e62c35ad64ad1f9db6f5768330bc06594)
      Octokit (>= 0.20)
GROUP Test
REDIRECTS: ON
FRAMEWORK: >= NET35
NUGET
  remote: https://www.nuget.org/api/v2
    FsCheck (2.8.2)
      FSharp.Core (>= 3.1.2.5)
    FSharp.Charting (0.90.14)
    FSharp.Compiler.Service (2.0.0.6)
    FSharp.Core (4.0.0.1)
    FSharp.Formatting (2.14.4)
      FSharp.Compiler.Service (2.0.0.6)
      FSharpVSPowerTools.Core (>= 2.3 < 2.4)
    FSharpVSPowerTools.Core (2.3)
      FSharp.Compiler.Service (>= 2.0.0.3)
    FsUnit (1.4.1)
      FSharp.Core (>= 3.1.2.5)
      NUnit (2.6.4)
    NUnit (2.6.4)
    NUnit.Runners (2.6.4)
    PerfUtil (0.1.8)
    PerfUtil.NUnit (0.1.8)
      NUnit (>= 2.6.3)
      PerfUtil (>= 0.1.8)
    protobuf-net (2.2.1)
    TaskParallelLibrary (1.0.2856)
    Wire (0.8.2)
